GIT
  remote: git://github.com/spox/splib.git
  revision: fd4451243ce4c9a319e74b33e6decdd09a509f43
  specs:
    splib (1.4.3)

PATH
  remote: .
  specs:
    actionpool (0.2.3)
      splib (~> 1.4)

GEM
  remote: http://rubygems.org/
  specs:
    rake (0.9.2.2)

PLATFORMS
  ruby

DEPENDENCIES
  actionpool!
  rake
  splib!
